PATH
  remote: .
  specs:
    murmurs (0.1.4)
      api-auth (>= 1.0.3)

GEM
  remote: https://rubygems.org/
  specs:
    api-auth (1.1.0)
    rake (10.3.1)

PLATFORMS
  ruby

DEPENDENCIES
  murmurs!
  rake
